{
	"ECGChannelCount": 0,
	"EEGChannelCount": 0,
	"EEGReference": "M2",
	"EMGChannelCount": 0,
	"EOGChannelCount": 0,
	"EpochLength": 484.96875,
	"InstitutionAddress": "Ave. Eugenio Garza Sada 2501, Monterrey, N.L., Mexico, 64849",
	"InstitutionName": "Tecnologico de Monterrey",
	"InstitutionalDepartmentName": "School of Engineering and Science",
	"MiscChannelCount": 9,
	"PowerLineFrequency": 60,
	"RecordingDuration": 484.96875,
	"SamplingFrequency": 256,
	"SoftwareFilters": "n/a",
	"TaskDescription": "Sujects were exposed to 6 number of flashing symbols (4 up to 9).",
	"TaskName": "cnos",
	"TriggerChannelCount": 0
}
