{
	"ECGChannelCount": 0,
	"EEGChannelCount": 0,
	"EEGReference": "M2",
	"EMGChannelCount": 0,
	"EOGChannelCount": 0,
	"EpochLength": 285,
	"InstitutionAddress": "Ave. Eugenio Garza Sada 2501, Monterrey, N.L., Mexico, 64849",
	"InstitutionName": "Tecnologico de Monterrey",
	"InstitutionalDepartmentName": "School of Engineering and Science",
	"MiscChannelCount": 9,
	"PowerLineFrequency": 60,
	"RecordingDuration": 285,
	"SamplingFrequency": 256,
	"SoftwareFilters": "n/a",
	"TaskDescription": "Sujects were exposed to 2 type of flashing stimuli (Cartoon Face (CF) and Standard Flash (SF))",
	"TaskName": "ctos",
	"TriggerChannelCount": 0
}
